GEM
  remote: https://rubygems.org/
  specs:
    daemons (1.2.6)
    eventmachine (1.2.5)
    execjs (2.7.0)
    ffi (1.9.23)
    haml (4.0.7)
      tilt
    pg (1.0.0)
    rack (2.0.4)
    rack-indifferent (1.2.0)
      rack (>= 1.5)
    rake (10.5.0)
    rb-fsevent (0.10.2)
    rb-inotify (0.9.10)
      ffi (>= 0.5.0, < 2)
    roda (2.29.0)
      rack
    sass (3.5.5)
      sass-listen (~> 4.0.0)
    sass-listen (4.0.0)
      rb-fsevent (~> 0.9, >= 0.9.4)
      rb-inotify (~> 0.9, >= 0.9.7)
    sequel (5.6.0)
    shotgun (0.9.2)
      rack (>= 1.0)
    thin (1.7.2)
      daemons (~> 1.0, >= 1.0.9)
      eventmachine (~> 1.0, >= 1.0.4)
      rack (>= 1, < 3)
    tilt (2.0.8)
    uglifier (3.2.0)
      execjs (>= 0.3.0, < 3)

PLATFORMS
  ruby

DEPENDENCIES
  haml (~> 4.0, >= 4.0.7)
  pg
  rack-indifferent (~> 1.2)
  rake (> 10.0)
  roda (~> 2.21)
  sass (~> 3.4, >= 3.4.22)
  sequel
  shotgun (~> 0.9.2)
  thin (~> 1.7)
  uglifier (~> 3.0)

BUNDLED WITH
   1.13.6
